GEM
  remote: https://rubygems.org/
  specs:
    blankslate (3.1.3)
    breakpoint (2.5.0)
      sass (~> 3.3)
      sassy-maps (< 1.0.0)
    chunky_png (1.3.3)
    colorize (0.7.3)
    compass (1.0.1)
      chunky_png (~> 1.2)
      compass-core (~> 1.0.1)
      compass-import-once (~> 1.0.5)
      rb-fsevent (>= 0.9.3)
      rb-inotify (>= 0.9)
      sass (>= 3.3.13, < 3.5)
    compass-core (1.0.1)
      multi_json (~> 1.0)
      sass (>= 3.3.0, < 3.5)
    compass-import-once (1.0.5)
      sass (>= 3.2, < 3.5)
    csscss (1.3.3)
      colorize
      parslet (>= 1.6.1, < 2.0)
    ffi (1.9.6)
    multi_json (1.10.1)
    parslet (1.6.2)
      blankslate (>= 2.0, <= 4.0)
    rainbow (2.0.0)
    rb-fsevent (0.9.4)
    rb-inotify (0.9.5)
      ffi (>= 0.5.0)
    sass (3.4.7)
    sass-globbing (1.1.1)
      sass (>= 3.1)
    sassy-maps (0.4.0)
      sass (~> 3.3)
    sassy-strings (1.0.0)
      compass (>= 0.12.2)
    scss-lint (0.29.0)
      rainbow (~> 2.0)
      sass (~> 3.4.0)
    susy (2.1.3)
      sass (>= 3.3.0, < 3.5)

PLATFORMS
  ruby

DEPENDENCIES
  breakpoint (~> 2.5.0)
  compass (~> 1.0.1)
  csscss (~> 1.3.3)
  sass (~> 3.4.7)
  sass-globbing (~> 1.1.1)
  sassy-strings (~> 1.0.0)
  scss-lint (~> 0.29.0)
  susy (~> 2.1.3)
